PATH
  remote: .
  specs:
    best_sellers (0.1.0)

GEM
  remote: https://rubygems.org/
  specs:
    rake (10.5.0)

PLATFORMS
  ruby

DEPENDENCIES
  best_sellers!
  bundler (~> 2.0)
  rake (~> 10.0)

BUNDLED WITH
   2.0.2
